GEM
  remote: https://rubygems.org/
  specs:
    tty-cursor (0.7.0)
    tty-spinner (0.9.1)
      tty-cursor (~> 0.7)

PLATFORMS
  ruby

DEPENDENCIES
  tty-cursor
  tty-spinner

BUNDLED WITH
   2.0.2
